GEM
  remote: https://rubygems.org/
  specs:
    rake (12.0.0)

PLATFORMS
  ruby

DEPENDENCIES
  rake

RUBY VERSION
   ruby 2.1.5p273

BUNDLED WITH
   1.14.6
